GEM
  remote: https://rubygems.org/
  specs:
    rb-appscript (0.6.1)
    slop (3.3.2)

PLATFORMS
  ruby

DEPENDENCIES
  rb-appscript (~> 0.6.1)
  slop (~> 3.3.2)
